GIT
  remote: https://github.com/cloudfoundry/buildpack-packager
  revision: fcfd9704ee708410156161f7f0493b787a3e1f61
  tag: v2.3.10
  specs:
    buildpack-packager (2.3.10)
      activesupport (~> 4.1)
      kwalify (~> 0)
      semantic
      terminal-table (~> 1.4)

GEM
  remote: https://rubygems.org/
  specs:
    activesupport (4.2.9)
      i18n (~> 0.7)
      minitest (~> 5.1)
      thread_safe (~> 0.3, >= 0.3.4)
      tzinfo (~> 1.1)
    i18n (0.8.6)
    kwalify (0.7.2)
    minitest (5.10.3)
    semantic (1.6.0)
    terminal-table (1.8.0)
      unicode-display_width (~> 1.1, >= 1.1.1)
    thread_safe (0.3.6)
    tzinfo (1.2.3)
      thread_safe (~> 0.1)
    unicode-display_width (1.3.0)

PLATFORMS
  ruby

DEPENDENCIES
  buildpack-packager!

RUBY VERSION
   ruby 2.3.1p112

BUNDLED WITH
   1.15.3
